GEM
  remote: https://rubygems.org/
  specs:
    archive-tar-minitar (0.5.2)
    arr-pm (0.0.10)
      cabin (> 0)
    aws-sdk (2.11.67)
      aws-sdk-resources (= 2.11.67)
    aws-sdk-core (2.11.67)
      aws-sigv4 (~> 1.0)
      jmespath (~> 1.0)
    aws-sdk-resources (2.11.67)
      aws-sdk-core (= 2.11.67)
    aws-sigv4 (1.0.2)
    backports (3.6.8)
    cabin (0.8.1)
    childprocess (0.5.9)
      ffi (~> 1.0, >= 1.0.11)
    clamp (0.6.5)
    corefines (1.9.0)
    deb-s3 (0.9.3)
      aws-sdk (~> 2)
      thor (~> 0.19.0)
    ffi (1.9.10)
    fpm (1.5.0)
      archive-tar-minitar
      arr-pm (~> 0.0.10)
      backports (>= 2.6.2)
      cabin (>= 0.6.0)
      childprocess
      clamp (~> 0.6)
      corefines (~> 1.9)
      ffi
      json (>= 1.7.7)
      ruby-xz
    io-like (0.3.0)
    jmespath (1.4.0)
    json (2.1.0)
    ruby-xz (0.2.3)
      ffi (~> 1.9)
      io-like (~> 0.3)
    thor (0.19.4)

PLATFORMS
  ruby

DEPENDENCIES
  deb-s3 (>= 0.8.0)
  fpm

BUNDLED WITH
   1.16.1
